PATH
  remote: .
  specs:
    spina-slider (0.1.0)

GEM
  remote: https://rubygems.org/
  specs:
    rake (13.0.1)

PLATFORMS
  ruby

DEPENDENCIES
  bundler (~> 1.17)
  rake (~> 13.0)
  spina-slider!

BUNDLED WITH
   1.17.2
